PATH
  remote: .
  specs:
    black_history (0.1.0)
      nokogiri

GEM
  remote: https://rubygems.org/
  specs:
    coderay (1.1.2)
    method_source (0.9.2)
    mini_portile2 (2.4.0)
    nokogiri (1.10.4)
      mini_portile2 (~> 2.4.0)
    pry (0.12.2)
      coderay (~> 1.1.0)
      method_source (~> 0.9.0)
    pry-nav (0.3.0)
      pry (>= 0.9.10, < 0.13.0)
    rake (13.0.1)

PLATFORMS
  ruby

DEPENDENCIES
  black_history!
  bundler (~> 2.0)
  pry
  pry-nav
  rake (~> 13.0)

BUNDLED WITH
   2.0.1
